PATH
  remote: .
  specs:
    qc (0.1.0)
      rest-client (~> 2.0.2)

GEM
  remote: https://rubygems.org/
  specs:
    aruba (1.0.0.pre.alpha.2)
      childprocess (~> 0.7.1)
      contracts (~> 0.14)
      cucumber (~> 2.4, >= 2.4.0)
      ffi (~> 1.9, >= 1.9.10)
      rspec-expectations (~> 3.4, >= 3.4.0)
      thor (~> 0.19)
    awesome_print (1.8.0)
    builder (3.2.3)
    childprocess (0.7.1)
      ffi (~> 1.0, >= 1.0.11)
    contracts (0.16.0)
    cucumber (2.99.0)
      builder (>= 2.1.2)
      cucumber-core (~> 1.5.0)
      cucumber-wire (~> 0.0.1)
      diff-lcs (>= 1.1.3)
      gherkin (~> 4.0)
      multi_json (>= 1.7.5, < 2.0)
      multi_test (>= 0.1.2)
    cucumber-core (1.5.0)
      gherkin (~> 4.0)
    cucumber-wire (0.0.1)
    diff-lcs (1.3)
    domain_name (0.5.20170404)
      unf (>= 0.0.5, < 1.0.0)
    ffi (1.9.18)
    gherkin (4.1.3)
    http-cookie (1.0.3)
      domain_name (~> 0.5)
    mime-types (3.1)
      mime-types-data (~> 3.2015)
    mime-types-data (3.2016.0521)
    minitest (5.10.3)
    multi_json (1.12.2)
    multi_test (0.1.2)
    netrc (0.11.0)
    rake (10.5.0)
    rest-client (2.0.2)
      http-cookie (>= 1.0.2, < 2.0)
      mime-types (>= 1.16, < 4.0)
      netrc (~> 0.8)
    rspec-expectations (3.7.0)
      diff-lcs (>= 1.2.0, < 2.0)
      rspec-support (~> 3.7.0)
    rspec-support (3.7.0)
    thor (0.20.0)
    unf (0.1.4)
      unf_ext
    unf_ext (0.0.7.4)

PLATFORMS
  ruby

DEPENDENCIES
  aruba (~> 1.0.0.pre.alpha.2)
  awesome_print
  bundler (~> 1.15)
  minitest (~> 5.0)
  qc!
  rake (~> 10.0)

BUNDLED WITH
   1.15.4
